GEM
  remote: https://rubygems.org/
  specs:
    ruby-msg (1.5.2)
      ruby-ole (>= 1.2.8)
      vpim (>= 0.360)
    ruby-ole (1.2.11.7)
    vpim (13.11.11)

PLATFORMS
  ruby

DEPENDENCIES
  ruby-msg
